GEM
  remote: https://rubygems.org/
  specs:
    minitest (5.11.3)
    minitest-hooks (1.5.0)
      minitest (> 5.3)
    minitest-rg (5.2.0)
      minitest (~> 5.0)
    yard (0.9.20)

PLATFORMS
  ruby

DEPENDENCIES
  minitest
  minitest-hooks
  minitest-rg
  yard (~> 0.9.19)

BUNDLED WITH
   1.17.3
